GIT
  remote: git://github.com/spree-contrib/spree_braintree_vzero.git
  revision: 81777c3e098dbcee8059a980aca114c252e30328
  branch: 2-3-dev
  specs:
    spree_braintree_vzero (2.3.0.beta)
      braintree
      spree_core (~> 2.3.0)
      whenever

GIT
  remote: git://github.com/spree/spree.git
  revision: 54ca90071d060205271280d6cf1accd4912c3e22
  branch: 2-3-stable
  specs:
    spree (2.3.14.beta)
      spree_api (= 2.3.14.beta)
      spree_backend (= 2.3.14.beta)
      spree_cmd (= 2.3.14.beta)
      spree_core (= 2.3.14.beta)
      spree_frontend (= 2.3.14.beta)
      spree_sample (= 2.3.14.beta)
    spree_api (2.3.14.beta)
      rabl (~> 0.9.4.pre1)
      spree_core (= 2.3.14.beta)
      versioncake (~> 2.3.1)
    spree_backend (2.3.14.beta)
      jquery-rails (~> 3.1.2)
      jquery-ui-rails (~> 5.0.0)
      select2-rails (= 3.5.9.1)
      spree_api (= 2.3.14.beta)
      spree_core (= 2.3.14.beta)
    spree_cmd (2.3.14.beta)
      thor (~> 0.14)
    spree_core (2.3.14.beta)
      activemerchant (~> 1.44.1)
      acts_as_list (= 0.3.0)
      awesome_nested_set (~> 3.0.0.rc.3)
      aws-sdk-v1 (= 1.64.0)
      cancancan (~> 1.9.2)
      deface (~> 1.0.0)
      ffaker (~> 1.16)
      font-awesome-rails (~> 4.0)
      friendly_id (~> 5.0.4)
      highline (~> 1.6.18)
      json (~> 1.7)
      kaminari (~> 0.15, >= 0.15.1)
      monetize (~> 1.1)
      paperclip (~> 4.2.0)
      paranoia (~> 2.0.5)
      rails (~> 4.1.11)
      ransack (~> 1.4.1)
      state_machine (= 1.2.0)
      stringex (~> 1.5.1)
      truncate_html (= 0.9.2)
    spree_frontend (2.3.14.beta)
      canonical-rails (~> 0.0.4)
      jquery-rails (~> 3.1.2)
      spree_api (= 2.3.14.beta)
      spree_core (= 2.3.14.beta)
      stringex (~> 1.5.1)
    spree_sample (2.3.14.beta)
      spree_core (= 2.3.14.beta)

GIT
  remote: git://github.com/spree/spree_auth_devise.git
  revision: b3b63f1fa01e8ccce300b663f8405fd190d9d9ba
  branch: 2-3-stable
  specs:
    spree_auth_devise (2.3.0)
      devise (~> 3.2.3)
      devise-encryptable (= 0.1.2)
      json
      multi_json
      spree_core (~> 2.3.0)

GIT
  remote: git://github.com/spree/spree_gateway.git
  revision: 6ad5f6b82986f4cf1ddf8f9370f96e2e7501f24c
  branch: 2-3-stable
  specs:
    spree_gateway (2.3.0.beta)
      spree_core (~> 2.3.0)

GEM
  remote: https://rubygems.org/
  specs:
    CFPropertyList (2.3.2)
    actionmailer (4.1.11)
      actionpack (= 4.1.11)
      actionview (= 4.1.11)
      mail (~> 2.5, >= 2.5.4)
    actionpack (4.1.11)
      actionview (= 4.1.11)
      activesupport (= 4.1.11)
      rack (~> 1.5.2)
      rack-test (~> 0.6.2)
    actionview (4.1.11)
      activesupport (= 4.1.11)
      builder (~> 3.1)
      erubis (~> 2.7.0)
    active_utils (2.2.3)
      activesupport (>= 2.3.11)
      i18n
    activemerchant (1.44.1)
      active_utils (~> 2.2.0)
      activesupport (>= 3.2.14, < 5.0.0)
      builder (>= 2.1.2, < 4.0.0)
      i18n (>= 0.6.9)
      json (~> 1.7)
      nokogiri (~> 1.4)
      offsite_payments (~> 2.0.0)
    activemodel (4.1.11)
      activesupport (= 4.1.11)
      builder (~> 3.1)
    activerecord (4.1.11)
      activemodel (= 4.1.11)
      activesupport (= 4.1.11)
      arel (~> 5.0.0)
    activesupport (4.1.11)
      i18n (~> 0.6, >= 0.6.9)
      json (~> 1.7, >= 1.7.7)
      minitest (~> 5.1)
      thread_safe (~> 0.1)
      tzinfo (~> 1.1)
    acts_as_list (0.3.0)
      activerecord (>= 3.0)
    arel (5.0.1.20140414130214)
    asset_sync (1.1.0)
      activemodel
      fog (>= 1.8.0)
      unf
    awesome_nested_set (3.0.3)
      activerecord (>= 4.0.0, < 5)
    aws-sdk (1.64.0)
      aws-sdk-v1 (= 1.64.0)
    aws-sdk-v1 (1.64.0)
      json (~> 1.4)
      nokogiri (>= 1.4.4)
    bcrypt (3.1.11)
    binding_of_caller (0.7.2)
      debug_inspector (>= 0.0.1)
    braintree (2.64.0)
      builder (>= 2.0.0)
    builder (3.2.2)
    byebug (9.0.5)
    cancancan (1.9.2)
    canonical-rails (0.0.11)
      rails (>= 3.1, < 5.0)
    chronic (0.10.2)
    climate_control (0.0.3)
      activesupport (>= 3.0)
    cocaine (0.5.8)
      climate_control (>= 0.0.3, < 1.0)
    coffee-rails (4.1.1)
      coffee-script (>= 2.2.0)
      railties (>= 4.0.0, < 5.1.x)
    coffee-script (2.4.1)
      coffee-script-source
      execjs
    coffee-script-source (1.10.0)
    colorize (0.8.1)
    concurrent-ruby (1.0.2)
    dalli (2.7.6)
    debug_inspector (0.0.2)
    deface (1.0.2)
      colorize (>= 0.5.8)
      nokogiri (~> 1.6.0)
      polyglot
      rails (>= 3.1)
    devise (3.2.4)
      bcrypt (~> 3.0)
      orm_adapter (~> 0.1)
      railties (>= 3.2.6, < 5)
      thread_safe (~> 0.1)
      warden (~> 1.2.3)
    devise-encryptable (0.1.2)
      devise (>= 2.1.0)
    erubis (2.7.0)
    excon (0.51.0)
    execjs (2.7.0)
    ffaker (1.32.1)
    fission (0.5.0)
      CFPropertyList (~> 2.2)
    fog (1.38.0)
      fog-aliyun (>= 0.1.0)
      fog-atmos
      fog-aws (>= 0.6.0)
      fog-brightbox (~> 0.4)
      fog-cloudatcost (~> 0.1.0)
      fog-core (~> 1.32)
      fog-dynect (~> 0.0.2)
      fog-ecloud (~> 0.1)
      fog-google (<= 0.1.0)
      fog-json
      fog-local
      fog-openstack
      fog-powerdns (>= 0.1.1)
      fog-profitbricks
      fog-rackspace
      fog-radosgw (>= 0.0.2)
      fog-riakcs
      fog-sakuracloud (>= 0.0.4)
      fog-serverlove
      fog-softlayer
      fog-storm_on_demand
      fog-terremark
      fog-vmfusion
      fog-voxel
      fog-vsphere (>= 0.4.0)
      fog-xenserver
      fog-xml (~> 0.1.1)
      ipaddress (~> 0.5)
    fog-aliyun (0.1.0)
      fog-core (~> 1.27)
      fog-json (~> 1.0)
      ipaddress (~> 0.8)
      xml-simple (~> 1.1)
    fog-atmos (0.1.0)
      fog-core
      fog-xml
    fog-aws (0.11.0)
      fog-core (~> 1.38)
      fog-json (~> 1.0)
      fog-xml (~> 0.1)
      ipaddress (~> 0.8)
    fog-brightbox (0.11.0)
      fog-core (~> 1.22)
      fog-json
      inflecto (~> 0.0.2)
    fog-cloudatcost (0.1.2)
      fog-core (~> 1.36)
      fog-json (~> 1.0)
      fog-xml (~> 0.1)
      ipaddress (~> 0.8)
    fog-core (1.42.0)
      builder
      excon (~> 0.49)
      formatador (~> 0.2)
    fog-dynect (0.0.3)
      fog-core
      fog-json
      fog-xml
    fog-ecloud (0.3.0)
      fog-core
      fog-xml
    fog-google (0.1.0)
      fog-core
      fog-json
      fog-xml
    fog-json (1.0.2)
      fog-core (~> 1.0)
      multi_json (~> 1.10)
    fog-local (0.3.0)
      fog-core (~> 1.27)
    fog-openstack (0.1.10)
      fog-core (>= 1.40)
      fog-json (>= 1.0)
      ipaddress (>= 0.8)
    fog-powerdns (0.1.1)
      fog-core (~> 1.27)
      fog-json (~> 1.0)
      fog-xml (~> 0.1)
    fog-profitbricks (0.0.5)
      fog-core
      fog-xml
      nokogiri
    fog-rackspace (0.1.1)
      fog-core (>= 1.35)
      fog-json (>= 1.0)
      fog-xml (>= 0.1)
      ipaddress (>= 0.8)
    fog-radosgw (0.0.5)
      fog-core (>= 1.21.0)
      fog-json
      fog-xml (>= 0.0.1)
    fog-riakcs (0.1.0)
      fog-core
      fog-json
      fog-xml
    fog-sakuracloud (1.7.5)
      fog-core
      fog-json
    fog-serverlove (0.1.2)
      fog-core
      fog-json
    fog-softlayer (1.1.3)
      fog-core
      fog-json
    fog-storm_on_demand (0.1.1)
      fog-core
      fog-json
    fog-terremark (0.1.0)
      fog-core
      fog-xml
    fog-vmfusion (0.1.0)
      fission
      fog-core
    fog-voxel (0.1.0)
      fog-core
      fog-xml
    fog-vsphere (1.0.0)
      fog-core
      rbvmomi (~> 1.8)
    fog-xenserver (0.2.3)
      fog-core
      fog-xml
    fog-xml (0.1.2)
      fog-core
      nokogiri (~> 1.5, >= 1.5.11)
    font-awesome-rails (4.6.3.1)
      railties (>= 3.2, < 5.1)
    formatador (0.2.5)
    friendly_id (5.0.5)
      activerecord (>= 4.0.0)
    highline (1.6.21)
    i18n (0.7.0)
    inflecto (0.0.2)
    ipaddress (0.8.3)
    jbuilder (2.6.0)
      activesupport (>= 3.0.0, < 5.1)
      multi_json (~> 1.2)
    jquery-rails (3.1.4)
      railties (>= 3.0, < 5.0)
      thor (>= 0.14, < 2.0)
    jquery-ui-rails (5.0.5)
      railties (>= 3.2.16)
    json (1.8.3)
    kaminari (0.17.0)
      actionpack (>= 3.0.0)
      activesupport (>= 3.0.0)
    mail (2.6.4)
      mime-types (>= 1.16, < 4)
    mime-types (3.1)
      mime-types-data (~> 3.2015)
    mime-types-data (3.2016.0521)
    mini_portile2 (2.1.0)
    minitest (5.9.0)
    monetize (1.4.0)
      money (~> 6.7)
    money (6.7.1)
      i18n (>= 0.6.4, <= 0.7.0)
      sixarm_ruby_unaccent (>= 1.1.1, < 2)
    multi_json (1.12.1)
    newrelic_rpm (3.16.0.318)
    nokogiri (1.6.8)
      mini_portile2 (~> 2.1.0)
      pkg-config (~> 1.1.7)
    offsite_payments (2.0.1)
      active_utils (~> 2.2.0)
      activesupport (>= 3.2.14, < 5.0.0)
      builder (>= 2.1.2, < 4.0.0)
      i18n (~> 0.5)
      json (~> 1.7)
      money (< 7.0.0)
      nokogiri (~> 1.4)
    orm_adapter (0.5.0)
    paperclip (4.2.4)
      activemodel (>= 3.2.0)
      activesupport (>= 3.2.0)
      cocaine (~> 0.5.5)
      mime-types
    paranoia (2.0.5)
      activerecord (~> 4.0)
    pg (0.18.4)
    pkg-config (1.1.7)
    polyamorous (1.3.1)
      activerecord (>= 3.0)
    polyglot (0.3.5)
    puma (3.6.0)
    rabl (0.9.4.pre1)
      activesupport (>= 2.3.14)
    rack (1.5.5)
    rack-cache (1.6.1)
      rack (>= 0.4)
    rack-test (0.6.3)
      rack (>= 1.0)
    rails (4.1.11)
      actionmailer (= 4.1.11)
      actionpack (= 4.1.11)
      actionview (= 4.1.11)
      activemodel (= 4.1.11)
      activerecord (= 4.1.11)
      activesupport (= 4.1.11)
      bundler (>= 1.3.0, < 2.0)
      railties (= 4.1.11)
      sprockets-rails (~> 2.0)
    rails_12factor (0.0.3)
      rails_serve_static_assets
      rails_stdout_logging
    rails_serve_static_assets (0.0.5)
    rails_stdout_logging (0.0.5)
    railties (4.1.11)
      actionpack (= 4.1.11)
      activesupport (= 4.1.11)
      rake (>= 0.8.7)
      thor (>= 0.18.1, < 2.0)
    rake (11.2.2)
    ransack (1.4.1)
      actionpack (>= 3.0)
      activerecord (>= 3.0)
      activesupport (>= 3.0)
      i18n
      polyamorous (~> 1.1)
    rbvmomi (1.8.2)
      builder
      nokogiri (>= 1.4.1)
      trollop
    rdoc (4.2.2)
      json (~> 1.4)
    rollbar (2.12.0)
      multi_json
    sass (3.4.22)
    sass-rails (5.0.6)
      railties (>= 4.0.0, < 6)
      sass (~> 3.1)
      sprockets (>= 2.8, < 4.0)
      sprockets-rails (>= 2.0, < 4.0)
      tilt (>= 1.1, < 3)
    sdoc (0.4.1)
      json (~> 1.7, >= 1.7.7)
      rdoc (~> 4.0)
    select2-rails (3.5.9.1)
      thor (~> 0.14)
    sixarm_ruby_unaccent (1.1.1)
    spring (1.7.2)
    sprockets (3.7.0)
      concurrent-ruby (~> 1.0)
      rack (> 1, < 3)
    sprockets-rails (2.3.3)
      actionpack (>= 3.0)
      activesupport (>= 3.0)
      sprockets (>= 2.8, < 4.0)
    state_machine (1.2.0)
    stringex (1.5.1)
    thor (0.19.1)
    thread_safe (0.3.5)
    tilt (2.0.5)
    trollop (2.1.2)
    truncate_html (0.9.2)
    turbolinks (5.0.1)
      turbolinks-source (~> 5)
    turbolinks-source (5.0.0)
    tzinfo (1.2.2)
      thread_safe (~> 0.1)
    uglifier (3.0.1)
      execjs (>= 0.3.0, < 3)
    unf (0.1.4)
      unf_ext
    unf_ext (0.0.7.2)
    versioncake (2.3.1)
      actionpack (>= 3.2)
      activesupport (>= 3.2)
      railties (>= 3.2)
      tzinfo
    warden (1.2.6)
      rack (>= 1.0)
    web-console (2.3.0)
      activemodel (>= 4.0)
      binding_of_caller (>= 0.7.2)
      railties (>= 4.0)
      sprockets-rails (>= 2.0, < 4.0)
    whenever (0.9.7)
      chronic (>= 0.6.3)
    xml-simple (1.1.5)

PLATFORMS
  ruby

DEPENDENCIES
  asset_sync
  aws-sdk (< 2.0)
  byebug
  coffee-rails (~> 4.1.0)
  dalli
  fog (~> 1.20)
  jbuilder (~> 2.0)
  jquery-rails
  newrelic_rpm
  paperclip
  pg
  puma
  rack-cache
  rails (= 4.1.11)
  rails_12factor
  rollbar (~> 2.12.0)
  sass-rails (~> 5.0)
  sdoc (~> 0.4.0)
  spree!
  spree_auth_devise!
  spree_braintree_vzero!
  spree_gateway!
  spring
  turbolinks
  uglifier (>= 1.3.0)
  web-console (~> 2.0)

RUBY VERSION
   ruby 2.1.5p273

BUNDLED WITH
   1.12.5
